GIT
  remote: git://github.com/romul/spree_editor.git
  revision: a4726282755809e41dbad528b40408370ed06497
  specs:
    spree_editor (0.50.0)
      spree_core (>= 0.40.0)

GEM
  remote: http://rubygems.org/
  specs:
    ZenTest (4.5.0)
    abstract (1.0.0)
    actionmailer (3.0.7)
      actionpack (= 3.0.7)
      mail (~> 2.2.15)
    actionpack (3.0.7)
      activemodel (= 3.0.7)
      activesupport (= 3.0.7)
      builder (~> 2.1.2)
      erubis (~> 2.6.6)
      i18n (~> 0.5.0)
      rack (~> 1.2.1)
      rack-mount (~> 0.6.14)
      rack-test (~> 0.5.7)
      tzinfo (~> 0.3.23)
    activemerchant (1.12.0)
      activesupport (>= 2.3.8)
      braintree (>= 2.0.0)
      builder (>= 2.0.0)
    activemodel (3.0.7)
      activesupport (= 3.0.7)
      builder (~> 2.1.2)
      i18n (~> 0.5.0)
    activerecord (3.0.7)
      activemodel (= 3.0.7)
      activesupport (= 3.0.7)
      arel (~> 2.0.2)
      tzinfo (~> 0.3.23)
    activeresource (3.0.7)
      activemodel (= 3.0.7)
      activesupport (= 3.0.7)
    activesupport (3.0.7)
    acts_as_list (0.1.2)
    annotate-models (1.0.4)
    arel (2.0.10)
    autotest (4.4.6)
      ZenTest (>= 4.4.1)
    autotest-rails-pure (4.1.2)
    bcrypt-ruby (2.1.4)
    braintree (2.10.0)
      builder
    builder (2.1.2)
    cancan (1.6.4)
    capybara (1.0.0.beta1)
      mime-types (>= 1.16)
      nokogiri (>= 1.3.3)
      rack (>= 1.0.0)
      rack-test (>= 0.5.4)
      selenium-webdriver (>= 0.0.27)
      xpath (~> 0.1.4)
    childprocess (0.1.9)
      ffi (~> 1.0.6)
    configuration (1.2.0)
    cucumber (0.10.3)
      builder (>= 2.1.2)
      diff-lcs (>= 1.1.2)
      gherkin (>= 2.3.8)
      json (>= 1.4.6)
      term-ansicolor (>= 1.0.5)
    cucumber-rails (0.5.1)
      capybara (>= 1.0.0.beta1)
      cucumber (>= 0.10.3)
      nokogiri (>= 1.4.4)
      rack-test (>= 0.5.7)
    database_cleaner (0.6.7)
    devise (1.3.1)
      bcrypt-ruby (~> 2.1.2)
      orm_adapter (~> 0.0.3)
      warden (~> 1.0.3)
    diff-lcs (1.1.2)
    erubis (2.6.6)
      abstract (>= 1.0.0)
    factory_girl (1.3.3)
    factory_girl_rails (1.0)
      factory_girl (~> 1.3)
      rails (>= 3.0.0.beta4)
    faker (0.9.5)
      i18n (~> 0.4)
    ffi (1.0.9)
    gherkin (2.3.10)
      json (>= 1.4.6)
    highline (1.5.1)
    i18n (0.5.0)
    jquery-rails (0.2.6)
      rails (~> 3.0)
      thor (~> 0.14.4)
    json (1.5.1)
    json_pure (1.5.1)
    launchy (0.4.0)
      configuration (>= 0.0.5)
      rake (>= 0.8.1)
    mail (2.2.19)
      activesupport (>= 2.3.6)
      i18n (>= 0.4.0)
      mime-types (~> 1.16)
      treetop (~> 1.4.8)
    meta_search (1.0.1)
      actionpack (~> 3.0.2)
      activerecord (~> 3.0.2)
      activesupport (~> 3.0.2)
      arel (~> 2.0.2)
    mime-types (1.16)
    mysql2 (0.2.7)
    nested_set (1.6.4)
      activerecord (>= 3.0.0)
      railties (>= 3.0.0)
    nokogiri (1.4.4)
    notifier (0.1.3)
    orm_adapter (0.0.5)
    paperclip (2.3.8)
      activerecord
      activesupport
    polyglot (0.3.1)
    rack (1.2.3)
    rack-mount (0.6.14)
      rack (>= 1.0.0)
    rack-test (0.5.7)
      rack (>= 1.0)
    rails (3.0.7)
      actionmailer (= 3.0.7)
      actionpack (= 3.0.7)
      activerecord (= 3.0.7)
      activeresource (= 3.0.7)
      activesupport (= 3.0.7)
      bundler (~> 1.0)
      railties (= 3.0.7)
    railties (3.0.7)
      actionpack (= 3.0.7)
      activesupport (= 3.0.7)
      rake (>= 0.8.7)
      thor (~> 0.14.4)
    rake (0.8.7)
    rd_resource_controller (1.0.1)
    rd_unobtrusive_date_picker (0.1.0)
    rspec (2.6.0)
      rspec-core (~> 2.6.0)
      rspec-expectations (~> 2.6.0)
      rspec-mocks (~> 2.6.0)
    rspec-core (2.6.3)
    rspec-expectations (2.6.0)
      diff-lcs (~> 1.1.2)
    rspec-mocks (2.6.0)
    rspec-rails (2.6.1)
      actionpack (~> 3.0)
      activesupport (~> 3.0)
      railties (~> 3.0)
      rspec (~> 2.6.0)
    rubyzip (0.9.4)
    selenium-webdriver (0.2.0)
      childprocess (>= 0.1.7)
      ffi (>= 1.0.7)
      json_pure
      rubyzip
    spork (0.8.5)
    spree (0.50.2)
      spree_api (= 0.50.2)
      spree_auth (= 0.50.2)
      spree_core (= 0.50.2)
      spree_dash (= 0.50.2)
      spree_promo (= 0.50.2)
      spree_sample (= 0.50.2)
    spree_api (0.50.2)
      spree_core (= 0.50.2)
    spree_auth (0.50.2)
      cancan (= 1.6.4)
      devise (= 1.3.1)
      spree_core (= 0.50.2)
    spree_core (0.50.2)
      activemerchant (= 1.12.0)
      acts_as_list (= 0.1.2)
      faker (= 0.9.5)
      highline (= 1.5.1)
      jquery-rails (= 0.2.6)
      meta_search (= 1.0.1)
      nested_set (= 1.6.4)
      paperclip (= 2.3.8)
      rails (= 3.0.7)
      rd_resource_controller
      rd_unobtrusive_date_picker (= 0.1.0)
      state_machine (= 0.9.4)
      stringex (= 1.0.3)
      will_paginate (= 3.0.pre2)
    spree_dash (0.50.2)
      spree_core (= 0.50.2)
    spree_promo (0.50.2)
      spree_core (= 0.50.2)
    spree_sample (0.50.2)
      spree_core (= 0.50.2)
    spree_static_content (0.40.2)
      spree_core (>= 0.30.0)
      spree_editor
    state_machine (0.9.4)
    stringex (1.0.3)
    term-ansicolor (1.0.5)
    test_notifier (0.3.6)
      notifier
    thor (0.14.6)
    treetop (1.4.9)
      polyglot (>= 0.3.1)
    tzinfo (0.3.27)
    warden (1.0.4)
      rack (>= 1.0)
    webrat (0.7.3)
      nokogiri (>= 1.2.0)
      rack (>= 1.0)
      rack-test (>= 0.5.3)
    will_paginate (3.0.pre2)
    xpath (0.1.4)
      nokogiri (~> 1.3)

PLATFORMS
  ruby

DEPENDENCIES
  annotate-models
  autotest
  autotest-rails-pure
  cucumber
  cucumber-rails
  database_cleaner
  factory_girl_rails (= 1.0)
  launchy
  mysql2 (< 0.3)
  rails (= 3.0.7)
  rake (= 0.8.7)
  rspec-rails
  spork
  spree (~> 0.50.0)
  spree_editor!
  spree_static_content
  test_notifier
  webrat
